GIT
  remote: git://github.com/tundal45/pdf-writer.git
  revision: bbaafbb92ba8ae40bf31ad6ec1cdd35067a2f0ae
  specs:
    pdf-writer (1.1.8)
      color (>= 1.4.0)
      transaction-simple (~> 1.3)

GEM
  remote: http://rubygems.org/
  specs:
    addressable (2.2.6)
    agnostic (0.1.1)
    bcrypt-ruby (2.1.4)
    builder (3.0.0)
    color (1.4.1)
    cronedit (0.3.0)
    daemons (1.0.10)
    data_objects (0.10.7)
      addressable (~> 2.1)
    datamapper (1.1.0)
      dm-aggregates (= 1.1.0)
      dm-constraints (= 1.1.0)
      dm-core (= 1.1.0)
      dm-migrations (= 1.1.0)
      dm-serializer (= 1.1.0)
      dm-timestamps (= 1.1.0)
      dm-transactions (= 1.1.0)
      dm-types (= 1.1.0)
      dm-validations (= 1.1.0)
    diff-lcs (1.1.3)
    dm-aggregates (1.1.0)
      dm-core (~> 1.1.0)
    dm-constraints (1.1.0)
      dm-core (~> 1.1.0)
    dm-core (1.1.0)
      addressable (~> 2.2.4)
    dm-do-adapter (1.1.0)
      data_objects (~> 0.10.2)
      dm-core (~> 1.1.0)
    dm-is-tree (1.1.0)
      dm-core (~> 1.1.0)
    dm-migrations (1.1.0)
      dm-core (~> 1.1.0)
    dm-mysql-adapter (1.1.0)
      dm-do-adapter (~> 1.1.0)
      do_mysql (~> 0.10.2)
    dm-observer (1.1.0)
      dm-core (~> 1.1.0)
    dm-pagination (0.4.0)
      agnostic (>= 0.1.0)
      dm-core (>= 0.9.11)
    dm-paperclip (2.4.1)
      datamapper
      extlib
    dm-serializer (1.1.0)
      dm-core (~> 1.1.0)
      fastercsv (~> 1.5.4)
      json (~> 1.4.6)
    dm-sqlite-adapter (1.1.0)
      dm-do-adapter (~> 1.1.0)
      do_sqlite3 (~> 0.10.2)
    dm-timestamps (1.1.0)
      dm-core (~> 1.1.0)
    dm-transactions (1.1.0)
      dm-core (~> 1.1.0)
    dm-types (1.1.0)
      bcrypt-ruby (~> 2.1.4)
      dm-core (~> 1.1.0)
      fastercsv (~> 1.5.4)
      json (~> 1.4.6)
      stringex (~> 1.2.0)
      uuidtools (~> 2.1.2)
    dm-validations (1.1.0)
      dm-core (~> 1.1.0)
    do_mysql (0.10.7)
      data_objects (= 0.10.7)
    do_sqlite3 (0.10.7)
      data_objects (= 0.10.7)
    erubis (2.7.0)
    extlib (0.9.15)
    fastercsv (1.5.4)
    gem_plugin (0.2.3)
    gettext (2.1.0)
      locale (>= 2.0.5)
    git (1.2.5)
    haml (3.1.4)
    highline (1.6.9)
    hoe (2.12.5)
      rake (~> 0.8)
    htmldoc (0.2.3)
    i18n (0.6.0)
    i18n-translators-tools (0.2.4)
      i18n (>= 0.5.0)
      ya2yaml
    json (1.4.6)
    locale (2.0.5)
    log4r (1.1.10)
    macaddr (1.5.0)
      systemu (>= 2.4.0)
    mailfactory (1.4.0)
      mime-types (>= 1.13.1)
    merb-assets (1.1.3)
      merb-core (~> 1.1.3)
    merb-auth-core (1.1.1)
      merb-core (~> 1.1)
    merb-auth-more (1.1.1)
      merb-auth-core (~> 1.1.1)
    merb-auth-slice-password (1.1.1)
      merb-auth-core (~> 1.1.1)
      merb-auth-more (~> 1.1.1)
      merb-slices (~> 1.1)
    merb-core (1.1.3)
      bundler
      erubis (>= 2.6.2)
      extlib (>= 0.9.13)
      mime-types (>= 1.16)
      rack
      rake
    merb-exceptions (1.1.3)
      merb-core (~> 1.1.3)
      merb-mailer (~> 1.1.3)
    merb-gen (1.1.3)
      merb-core (~> 1.1.3)
      templater (>= 1.0.0)
    merb-haml (1.1.3)
      haml (>= 2.0.3)
      merb-core (~> 1.1.3)
    merb-helpers (1.1.3)
      merb-core (~> 1.1.3)
    merb-mailer (1.1.3)
      mailfactory (>= 1.2.3)
      merb-core (~> 1.1.3)
    merb-param-protection (1.1.3)
      merb-core (~> 1.1.3)
    merb-slices (1.1.3)
      merb-core (~> 1.1.3)
    merb_datamapper (1.1.3)
      dm-core (>= 1.0)
      dm-migrations (>= 1.0)
      merb-core (~> 1.1)
    mime-types (1.17.2)
    mongrel (1.2.0.pre2)
      daemons (~> 1.0.10)
      gem_plugin (~> 0.2.3)
    rack (1.4.0)
    rake (0.9.2.2)
    rspec (1.3.0)
    stringex (1.2.2)
    systemu (2.4.2)
    templater (1.0.0)
      diff-lcs (>= 1.1.2)
      extlib (>= 0.9.5)
      highline (>= 1.4.0)
    tlsmail (0.0.1)
    transaction-simple (1.4.0)
      hoe (>= 1.1.7)
    uuid (2.3.4)
      macaddr (~> 1.0)
    uuidtools (2.1.2)
    ya2yaml (0.30)

PLATFORMS
  ruby

DEPENDENCIES
  builder
  cronedit
  dm-aggregates (= 1.1.0)
  dm-core (= 1.1.0)
  dm-is-tree (= 1.1.0)
  dm-migrations (= 1.1.0)
  dm-mysql-adapter (= 1.1.0)
  dm-observer (= 1.1.0)
  dm-pagination
  dm-paperclip
  dm-serializer (= 1.1.0)
  dm-sqlite-adapter (= 1.1.0)
  dm-timestamps (= 1.1.0)
  dm-transactions (= 1.1.0)
  dm-types (= 1.1.0)
  dm-validations (= 1.1.0)
  gettext
  git (= 1.2.5)
  htmldoc
  i18n (= 0.6.0)
  i18n-translators-tools (= 0.2.4)
  log4r
  merb-assets (= 1.1.3)
  merb-auth-core (~> 1.1.0)
  merb-auth-more (~> 1.1.0)
  merb-auth-slice-password (~> 1.1.0)
  merb-core (= 1.1.3)
  merb-exceptions (= 1.1.3)
  merb-gen (= 1.1.3)
  merb-haml (= 1.1.3)
  merb-helpers (= 1.1.3)
  merb-mailer (= 1.1.3)
  merb-param-protection (= 1.1.3)
  merb-slices (= 1.1.3)
  merb_datamapper (= 1.1.3)
  mongrel (= 1.2.0.pre2)
  pdf-writer!
  rspec (= 1.3)
  tlsmail
  uuid
